GEM
  remote: http://rubygems.org/
  specs:
    activemodel (3.2.11)
      activesupport (= 3.2.11)
      builder (~> 3.0.0)
    activesupport (3.2.11)
      i18n (~> 0.6)
      multi_json (~> 1.0)
    backports (2.6.7)
    bson (1.6.4)
    bson_ext (1.6.1)
      bson (~> 1.6.1)
    builder (3.0.4)
    daemons (1.1.8)
    descendants_tracker (0.0.1)
    eventmachine (0.12.10)
    grape (0.2.6)
      activesupport
      builder
      hashie (~> 1.2)
      multi_json (>= 1.3.2)
      multi_xml (>= 0.5.2)
      rack
      rack-accept
      rack-mount
      virtus
    hashie (1.2.0)
    i18n (0.6.1)
    mongoid (3.0.21)
      activemodel (~> 3.1)
      moped (~> 1.2)
      origin (~> 1.0)
      tzinfo (~> 0.3.22)
    moped (1.3.2)
    multi_json (1.5.0)
    multi_xml (0.5.2)
    origin (1.0.11)
    rack (1.5.1)
    rack-accept (0.4.5)
      rack (>= 0.4)
    rack-cors (0.2.7)
      rack
    rack-mount (0.8.3)
      rack (>= 1.0.0)
    thin (1.3.1)
      daemons (>= 1.0.9)
      eventmachine (>= 0.12.6)
      rack (>= 1.0.0)
    tzinfo (0.3.35)
    virtus (0.5.4)
      backports (~> 2.6.1)
      descendants_tracker (~> 0.0.1)

PLATFORMS
  ruby

DEPENDENCIES
  bson_ext
  grape (~> 0.2.6)
  mongoid (~> 3.0.21)
  rack-cors
  thin
